GIT
  remote: git://github.com/padrino/padrino-framework.git
  revision: 87a8db2
  specs:
    padrino (0.9.14)
      padrino-admin (= 0.9.14)
      padrino-core (= 0.9.14)
      padrino-gen (= 0.9.14)
      padrino-helpers (= 0.9.14)
      padrino-mailer (= 0.9.14)
    padrino-admin (0.9.14)
      padrino-core (= 0.9.14)
      padrino-gen (= 0.9.14)
      padrino-helpers (= 0.9.14)
    padrino-core (0.9.14)
      activesupport (>= 2.3.8)
      http_router (>= 0.3.13)
      sinatra (>= 1.0.0)
      thor (>= 0.13.0)
    padrino-gen (0.9.14)
      bundler (>= 1.0.0.rc.2)
      git
      padrino-core (= 0.9.14)
    padrino-helpers (0.9.14)
      i18n (>= 0.4.1)
      padrino-core (= 0.9.14)
    padrino-mailer (0.9.14)
      mail (>= 2.2.0)
      padrino-core (= 0.9.14)

GEM
  remote: http://rubygems.org/
  specs:
    activesupport (2.3.8)
    bson (1.0.4)
    bson_ext (1.0.4)
    daemons (1.1.0)
    eventmachine (0.12.10)
    git (1.2.5)
    haml (3.0.17)
    http_router (0.3.13)
      rack (>= 1.0)
      url_mount (>= 0.2.1)
    i18n (0.4.1)
    mail (2.2.5)
      activesupport (>= 2.3.6)
      mime-types
      treetop (>= 1.4.5)
    mime-types (1.16)
    mongo (1.0.7)
      bson (>= 1.0.4)
    mongomatic (0.3.2)
      activesupport (>= 2.3.5)
      bson (>= 1.0.4)
      bson_ext (>= 1.0.4)
      mongo (>= 1.0.7)
    polyglot (0.3.1)
    rack (1.2.1)
    rack-flash (0.1.1)
      rack
    rake (0.8.7)
    sinatra (1.0)
      rack (>= 1.0)
    thin (1.2.7)
      daemons (>= 1.0.9)
      eventmachine (>= 0.12.6)
      rack (>= 1.0.0)
    thor (0.14.0)
    treetop (1.4.8)
      polyglot (>= 0.3.1)
    url_mount (0.2.1)
      rack

PLATFORMS
  ruby

DEPENDENCIES
  bson_ext
  haml
  mongomatic
  padrino!
  rack-flash
  rake
  thin
